GIT
  remote: git://github.com/jumph4x/canonical-rails.git
  revision: 7c8e44e048faa23de107be7250336a3585e32247
  specs:
    canonical-rails (0.0.7)
      rails (>= 3.1, < 5.0)

GIT
  remote: git://github.com/laserlemon/figaro.git
  revision: 9bbc7343f3916e73c185d071608e5ef24e9638d0
  ref: 9bbc7343f3916e73c185d071608e5ef24e9638d0
  specs:
    figaro (0.7.0)
      bundler (~> 1.0)
      rails (>= 3, < 5)

GEM
  remote: https://rubygems.org/
  specs:
    actionmailer (4.1.0.rc2)
      actionpack (= 4.1.0.rc2)
      actionview (= 4.1.0.rc2)
      mail (~> 2.5.4)
    actionpack (4.1.0.rc2)
      actionview (= 4.1.0.rc2)
      activesupport (= 4.1.0.rc2)
      rack (~> 1.5.2)
      rack-test (~> 0.6.2)
    actionview (4.1.0.rc2)
      activesupport (= 4.1.0.rc2)
      builder (~> 3.1)
      erubis (~> 2.7.0)
    activemodel (4.1.0.rc2)
      activesupport (= 4.1.0.rc2)
      builder (~> 3.1)
    activerecord (4.1.0.rc2)
      activemodel (= 4.1.0.rc2)
      activesupport (= 4.1.0.rc2)
      arel (~> 5.0.0)
    activesupport (4.1.0.rc2)
      i18n (~> 0.6, >= 0.6.9)
      json (~> 1.7, >= 1.7.7)
      minitest (~> 5.1)
      thread_safe (~> 0.1)
      tzinfo (~> 1.1)
    addressable (2.3.6)
    ads-rails (0.0.8)
      rails (>= 3.0.0)
    arel (5.0.0)
    atomic (1.1.16)
    auto_strip_attributes (2.0.4)
      activerecord (>= 3.0)
    better_errors (1.0.1)
      coderay (>= 1.0.0)
      erubis (>= 2.6.6)
    breadcrumbs_on_rails (2.3.0)
    builder (3.2.2)
    coderay (1.0.9)
    coffee-rails (4.0.1)
      coffee-script (>= 2.2.0)
      railties (>= 4.0.0, < 5.0)
    coffee-script (2.2.0)
      coffee-script-source
      execjs
    coffee-script-source (1.7.0)
    erubis (2.7.0)
    ethon (0.7.0)
      ffi (>= 1.3.0)
    execjs (2.0.2)
    ffi (1.9.3)
    font-awesome-rails (4.0.3.1)
      railties (>= 3.2, < 5.0)
    hike (1.2.3)
    htmlentities (4.3.1)
    i18n (0.6.9)
    jbuilder (2.0.5)
      activesupport (>= 3.0.0)
      multi_json (>= 1.2.0)
    jquery-rails (3.1.0)
      railties (>= 3.0, < 5.0)
      thor (>= 0.14, < 2.0)
    jquery-ui-rails (4.0.3)
      jquery-rails
      railties (>= 3.1.0)
    json (1.8.1)
    mail (2.5.4)
      mime-types (~> 1.16)
      treetop (~> 1.4.8)
    meta-tags (1.5.0)
      actionpack
    mime-types (1.25.1)
    mini_portile (0.5.3)
    minitest (5.3.1)
    multi_json (1.9.2)
    nokogiri (1.6.1)
      mini_portile (~> 0.5.0)
    pg (0.17.1)
    polyglot (0.3.4)
    rack (1.5.2)
    rack-test (0.6.2)
      rack (>= 1.0)
    rails (4.1.0.rc2)
      actionmailer (= 4.1.0.rc2)
      actionpack (= 4.1.0.rc2)
      actionview (= 4.1.0.rc2)
      activemodel (= 4.1.0.rc2)
      activerecord (= 4.1.0.rc2)
      activesupport (= 4.1.0.rc2)
      bundler (>= 1.3.0, < 2.0)
      railties (= 4.1.0.rc2)
      sprockets-rails (~> 2.0.0)
    rails_serve_static_assets (0.0.1)
    railties (4.1.0.rc2)
      actionpack (= 4.1.0.rc2)
      activesupport (= 4.1.0.rc2)
      rake (>= 0.8.7)
      thor (>= 0.18.1, < 2.0)
    rake (10.2.2)
    rdoc (4.1.1)
      json (~> 1.4)
    sass (3.2.18)
    sass-rails (4.0.2)
      railties (>= 4.0.0, < 5.0)
      sass (~> 3.2.0)
      sprockets (~> 2.8, <= 2.11.0)
      sprockets-rails (~> 2.0.0)
    sdoc (0.4.0)
      json (~> 1.8)
      rdoc (~> 4.0, < 5.0)
    spring (1.1.2)
    sprockets (2.11.0)
      hike (~> 1.2)
      multi_json (~> 1.0)
      rack (~> 1.0)
      tilt (~> 1.1, != 1.3.0)
    sprockets-rails (2.0.1)
      actionpack (>= 3.0)
      activesupport (>= 3.0)
      sprockets (~> 2.8)
    thor (0.19.1)
    thread_safe (0.3.1)
      atomic (>= 1.1.7, < 2)
    tilt (1.4.1)
    treetop (1.4.15)
      polyglot
      polyglot (>= 0.3.1)
    typhoeus (0.6.8)
      ethon (>= 0.7.0)
    tzinfo (1.1.0)
      thread_safe (~> 0.1)
    uglifier (2.5.0)
      execjs (>= 0.3.0)
      json (>= 1.8.0)
    wordnik (4.12)
      activemodel (>= 3.0.3)
      addressable (>= 2.2.4)
      htmlentities (>= 4.2.4)
      json (>= 1.4.6)
      nokogiri (>= 1.4.4)
      typhoeus (>= 0.2.1)

PLATFORMS
  ruby

DEPENDENCIES
  ads-rails (~> 0.0.8)
  auto_strip_attributes (~> 2.0)
  better_errors
  breadcrumbs_on_rails
  canonical-rails!
  coffee-rails (~> 4.0.0)
  figaro!
  font-awesome-rails (~> 4.0)
  jbuilder (~> 2.0)
  jquery-rails
  jquery-ui-rails (~> 4.0)
  meta-tags
  pg
  rails (= 4.1.0.rc2)
  rails_serve_static_assets
  sass-rails (~> 4.0.2)
  sdoc (~> 0.4.0)
  spring
  uglifier (>= 1.3.0)
  wordnik
